PATH
  remote: .
  specs:
    simp (0.1.0)
      erubi
      rack

GEM
  remote: https://rubygems.org/
  specs:
    erubi (1.7.1)
    minitest (5.11.3)
    rack (2.0.4)
    rake (10.5.0)

PLATFORMS
  ruby

DEPENDENCIES
  bundler (~> 1.16)
  minitest (~> 5.0)
  rake (~> 10.0)
  simp!

BUNDLED WITH
   1.16.1
